PATH
  remote: .
  specs:
    fonetica (0.3.1)
      activesupport (>= 3.0.0)
      i18n (>= 0.4.1)

GEM
  remote: http://rubygems.org/
  specs:
    activesupport (3.0.1)
    diff-lcs (1.1.2)
    i18n (0.4.2)
    rspec (2.0.0)
      rspec-core (= 2.0.0)
      rspec-expectations (= 2.0.0)
      rspec-mocks (= 2.0.0)
    rspec-core (2.0.0)
    rspec-expectations (2.0.0)
      diff-lcs (>= 1.1.2)
    rspec-mocks (2.0.0)
      rspec-core (= 2.0.0)
      rspec-expectations (= 2.0.0)

PLATFORMS
  ruby

DEPENDENCIES
  activesupport (>= 3.0.0)
  fonetica!
  i18n (>= 0.4.1)
  rspec (>= 2.0.0)
